GEM
  remote: http://rubygems.org/
  specs:
    addressable (2.3.6)
    diff-lcs (1.2.5)
    extlib (0.9.16)
    faraday (0.8.9)
      multipart-post (~> 1.2.0)
    jwt (1.0.0)
    kramdown (1.4.2)
    launchy (2.4.2)
      addressable (~> 2.3)
    multi_json (1.10.1)
    multipart-post (1.2.0)
    rake (10.3.2)
    rcov (1.0.0)
    rspec (3.1.0)
      rspec-core (~> 3.1.0)
      rspec-expectations (~> 3.1.0)
      rspec-mocks (~> 3.1.0)
    rspec-core (3.1.7)
      rspec-support (~> 3.1.0)
    rspec-expectations (3.1.2)
      diff-lcs (>= 1.2.0, < 2.0)
      rspec-support (~> 3.1.0)
    rspec-mocks (3.1.3)
      rspec-support (~> 3.1.0)
    rspec-support (3.1.2)
    yard (0.8.7.4)

PLATFORMS
  ruby

DEPENDENCIES
  addressable (>= 2.3.1)
  extlib (>= 0.9.15)
  faraday (~> 0.8.1)
  jruby-openssl
  jwt (>= 1.0.0)
  kramdown
  launchy (>= 2.1.1)
  multi_json (>= 1.0.0)
  rake (>= 0.9.0)
  rcov (>= 0.9.9)
  rspec (>= 2.11.0)
  yard
